PATH
  remote: .
  specs:
    xo (1.1.0)
      state_design_pattern (~> 0.0.2)

GEM
  remote: https://rubygems.org/
  specs:
    coveralls (0.7.0)
      multi_json (~> 1.3)
      rest-client
      simplecov (>= 0.7)
      term-ansicolor
      thor
    docile (1.1.3)
    mime-types (2.2)
    minitest (5.3.3)
    multi_json (1.10.0)
    rake (10.3.1)
    redcarpet (3.1.1)
    rest-client (1.6.7)
      mime-types (>= 1.16)
    simplecov (0.8.2)
      docile (~> 1.1.0)
      multi_json
      simplecov-html (~> 0.8.0)
    simplecov-html (0.8.0)
    state_design_pattern (0.0.2)
    term-ansicolor (1.3.0)
      tins (~> 1.0)
    thor (0.19.1)
    tins (1.1.0)
    yard (0.8.7.4)

PLATFORMS
  ruby

DEPENDENCIES
  coveralls (~> 0.7)
  minitest (~> 5.3)
  rake (~> 10.3)
  redcarpet (~> 3.1)
  xo!
  yard (~> 0.8)
